GEM
  remote: https://rubygems.org/
  specs:
    dotenv (2.8.1)
    httmultiparty (0.3.16)
      httparty (>= 0.7.3)
      mimemagic
      multipart-post
    httparty (0.14.0)
      multi_xml (>= 0.5.2)
    json_pure (2.6.3)
    kerio-api (1.0.0)
      httmultiparty (~> 0.3.16)
      httparty (~> 0.14.0)
      json_pure (~> 2.6.3)
    logger (1.4.3)
    mimemagic (0.4.3)
      nokogiri (~> 1)
      rake
    multi_xml (0.6.0)
    multipart-post (2.3.0)
    nokogiri (1.14.2-x86_64-linux)
      racc (~> 1.4)
    psych (5.1.0)
      stringio
    racc (1.6.2)
    rake (13.0.6)
    rexml (3.2.5)
    rubyXL (3.4.25)
      nokogiri (>= 1.10.8)
      rubyzip (>= 1.3.0)
    rubyzip (2.3.2)
    sqlite3 (1.6.1-x86_64-linux)
    stringio (3.0.5)

PLATFORMS
  x86_64-linux

DEPENDENCIES
  dotenv
  kerio-api
  logger
  psych
  rexml
  rubyXL
  sqlite3

BUNDLED WITH
   2.4.7
